GEM
  remote: http://rubygems.org/
  specs:
    listen (0.7.2)
    rake (10.0.3)
    rb-fsevent (0.9.3)

PLATFORMS
  ruby

DEPENDENCIES
  listen (~> 0.7.2)
  rake (~> 10.0.3)
  rb-fsevent (~> 0.9.1)
